GEM
  remote: https://rubygems.org/
  specs:
    colorator (1.1.0)
    erubis (2.7.0)
    exifr (1.2.5)
    fastercsv (1.5.5)
    ffi (1.9.14)
    forwardable-extended (2.6.0)
    hpricot (0.8.6)
    jekyll (3.2.1)
      colorator (~> 1.0)
      jekyll-sass-converter (~> 1.0)
      jekyll-watch (~> 1.1)
      kramdown (~> 1.3)
      liquid (~> 3.0)
      mercenary (~> 0.3.3)
      pathutil (~> 0.9)
      rouge (~> 1.7)
      safe_yaml (~> 1.0)
    jekyll-compose (0.4.1)
      jekyll (>= 2.5.0)
    jekyll-docs (3.2.1)
      jekyll (= 3.2.1)
    jekyll-import (0.11.0)
      fastercsv
      jekyll (>= 1.4)
      nokogiri
    jekyll-lunr-js-search (3.2.0)
      json (~> 1.8)
      nokogiri (~> 1.6)
      therubyracer (~> 0.12)
    jekyll-sass-converter (1.3.0)
      sass (~> 3.2)
    jekyll-seo-tag (2.0.0)
      jekyll (~> 3.1)
    jekyll-sitemap (0.10.0)
    jekyll-tagging (1.0.1)
      ruby-nuggets
    jekyll-watch (1.5.0)
      listen (~> 3.0, < 3.1)
    json (1.8.3)
    kramdown (1.11.1)
    libv8 (3.16.14.15)
    liquid (3.0.6)
    listen (3.0.6)
      rb-fsevent (>= 0.9.3)
      rb-inotify (>= 0.9.7)
    mercenary (0.3.6)
    mini_portile2 (2.1.0)
    nokogiri (1.6.8)
      mini_portile2 (~> 2.1.0)
      pkg-config (~> 1.1.7)
    nuggets (1.0.0)
    open_uri_redirections (0.2.1)
    pathutil (0.14.0)
      forwardable-extended (~> 2.6)
    pkg-config (1.1.7)
    rb-fsevent (0.9.7)
    rb-inotify (0.9.7)
      ffi (>= 0.5.0)
    ref (2.0.0)
    rmagick (2.16.0)
    rouge (1.11.1)
    ruby-nuggets (1.0.0)
      nuggets (= 1.0.0)
    safe_yaml (1.0.4)
    sass (3.4.22)
    therubyracer (0.12.2)
      libv8 (~> 3.16.14.0)
      ref
    thor (0.19.1)
    tmuxinator (0.8.1)
      erubis (~> 2.6)
      thor (~> 0.19, >= 0.15.0)

PLATFORMS
  ruby

DEPENDENCIES
  exifr
  hpricot
  jekyll
  jekyll-compose
  jekyll-docs
  jekyll-import
  jekyll-lunr-js-search
  jekyll-seo-tag
  jekyll-sitemap
  jekyll-tagging
  open_uri_redirections
  rmagick
  tmuxinator

BUNDLED WITH
   1.13.4
